GIT
  remote: git://github.com/merbjedi/active_merchant.git
  revision: e9f2fe40e9df47d7eece682a1002bd56f943fac1
  branch: rails3
  specs:
    activemerchant (1.5.1)
      activesupport (>= 2.3.2)
      builder (>= 2.0.0)

GEM
  remote: http://rubygems.org/
  specs:
    abstract (1.0.0)
    actionmailer (3.0.0)
      actionpack (= 3.0.0)
      mail (~> 2.2.5)
    actionpack (3.0.0)
      activemodel (= 3.0.0)
      activesupport (= 3.0.0)
      builder (~> 2.1.2)
      erubis (~> 2.6.6)
      i18n (~> 0.4.1)
      rack (~> 1.2.1)
      rack-mount (~> 0.6.12)
      rack-test (~> 0.5.4)
      tzinfo (~> 0.3.23)
    activemodel (3.0.0)
      activesupport (= 3.0.0)
      builder (~> 2.1.2)
      i18n (~> 0.4.1)
    activerecord (3.0.0)
      activemodel (= 3.0.0)
      activesupport (= 3.0.0)
      arel (~> 1.0.0)
      tzinfo (~> 0.3.23)
    activeresource (3.0.0)
      activemodel (= 3.0.0)
      activesupport (= 3.0.0)
    activesupport (3.0.0)
    annotate-models (1.0.4)
    arel (1.0.1)
      activesupport (~> 3.0.0)
    builder (2.1.2)
    diff-lcs (1.1.2)
    erubis (2.6.6)
      abstract (>= 1.0.0)
    faker (0.3.1)
    gravatar_image_tag (0.1.0)
    i18n (0.4.1)
    mail (2.2.6.1)
      activesupport (>= 2.3.6)
      mime-types
      treetop (>= 1.4.5)
    mime-types (1.16)
    nifty-generators (0.4.2)
    nokogiri (1.4.3.1)
    polyglot (0.3.1)
    rack (1.2.1)
    rack-mount (0.6.13)
      rack (>= 1.0.0)
    rack-test (0.5.6)
      rack (>= 1.0)
    rails (3.0.0)
      actionmailer (= 3.0.0)
      actionpack (= 3.0.0)
      activerecord (= 3.0.0)
      activeresource (= 3.0.0)
      activesupport (= 3.0.0)
      bundler (~> 1.0.0)
      railties (= 3.0.0)
    railties (3.0.0)
      actionpack (= 3.0.0)
      activesupport (= 3.0.0)
      rake (>= 0.8.4)
      thor (~> 0.14.0)
    rake (0.8.7)
    rspec (2.0.0.beta.18)
      rspec-core (= 2.0.0.beta.18)
      rspec-expectations (= 2.0.0.beta.18)
      rspec-mocks (= 2.0.0.beta.18)
    rspec-core (2.0.0.beta.18)
    rspec-expectations (2.0.0.beta.18)
      diff-lcs (>= 1.1.2)
    rspec-mocks (2.0.0.beta.18)
    rspec-rails (2.0.0.beta.18)
      rspec (>= 2.0.0.beta.14)
      webrat (>= 0.7.0)
    sqlite3-ruby (1.2.5)
    thor (0.14.2)
    treetop (1.4.8)
      polyglot (>= 0.3.1)
    tzinfo (0.3.23)
    webrat (0.7.1)
      nokogiri (>= 1.2.0)
      rack (>= 1.0)
      rack-test (>= 0.5.3)
    will_paginate (3.0.pre2)

PLATFORMS
  ruby

DEPENDENCIES
  activemerchant!
  annotate-models (= 1.0.4)
  faker (= 0.3.1)
  gravatar_image_tag (= 0.1.0)
  nifty-generators
  rails (= 3.0.0)
  rspec (= 2.0.0.beta.18)
  rspec-rails (= 2.0.0.beta.18)
  sqlite3-ruby (= 1.2.5)
  will_paginate (= 3.0.pre2)
